GEM
  remote: https://rubygems.org/
  specs:
    activesupport (3.2.21)
      i18n (~> 0.6, >= 0.6.4)
      multi_json (~> 1.0)
    async_sinatra (1.1.0)
      rack (>= 1.4.1)
      sinatra (>= 1.3.2)
    coffee-script (2.2.0)
      coffee-script-source
      execjs
    coffee-script-source (1.9.1.1)
    crass (0.2.1)
    curb (0.8.8)
    daemons (1.2.2)
    eventmachine (1.0.7)
    execjs (2.5.2)
    ffi (1.9.8)
    i18n (0.6.11)
    json (1.8.2)
    kramdown (1.3.3)
    listen (1.3.1)
      rb-fsevent (>= 0.9.3)
      rb-inotify (>= 0.9)
      rb-kqueue (>= 0.2)
    maruku (0.7.2)
    mime-types (1.25.1)
    mini_portile (0.6.2)
    msgpack (0.4.7)
    multi_json (1.11.0)
    nokogiri (1.6.6.2)
      mini_portile (~> 0.6.0)
    nokogumbo (1.1.12)
      nokogiri
    polytexnic (1.0.4)
      json (~> 1.8.1)
      kramdown (~> 1.3.2)
      msgpack (~> 0.4.2)
      nokogiri (~> 1.6.0)
      pygments.rb (~> 0.6.0)
    posix-spawn (0.3.11)
    pygments.rb (0.6.3)
      posix-spawn (~> 0.3.6)
      yajl-ruby (~> 1.2.0)
    rack (1.6.0)
    rack-protection (1.5.3)
      rack
    rb-fsevent (0.9.4)
    rb-inotify (0.9.5)
      ffi (>= 0.5.0)
    rb-kqueue (0.2.4)
      ffi (>= 0.5.0)
    rdoc (4.2.0)
    rest-client (1.6.8)
      mime-types (~> 1.16)
      rdoc (>= 2.4.2)
    ruby-progressbar (1.4.2)
    sanitize (3.0.4)
      crass (~> 0.2.0)
      nokogiri (>= 1.4.4)
      nokogumbo (= 1.1.12)
    sinatra (1.4.6)
      rack (~> 1.4)
      rack-protection (~> 1.4)
      tilt (>= 1.3, < 3)
    sinatra-respond_to (0.9.0)
      sinatra (~> 1.3)
    softcover (1.0.5)
      activesupport (~> 3.2.16)
      async_sinatra (~> 1.1.0)
      coffee-script (~> 2.2.0)
      curb (~> 0.8.5)
      i18n (~> 0.6.11)
      kramdown (~> 1.3.2)
      listen (~> 1.3.1)
      maruku (~> 0.7.1)
      msgpack (~> 0.4.2)
      nokogiri (~> 1.6.0)
      polytexnic (~> 1.0.4)
      pygments.rb (~> 0.6.0)
      rb-fsevent (~> 0.9.3)
      rest-client (~> 1.6.7)
      ruby-progressbar (~> 1.4.2)
      sanitize (~> 3.0.3)
      sinatra (~> 1.4.4)
      sinatra-respond_to (~> 0.9.0)
      thin (~> 1.6.1)
      thor (~> 0.18.1)
    thin (1.6.3)
      daemons (~> 1.0, >= 1.0.9)
      eventmachine (~> 1.0)
      rack (~> 1.0)
    thor (0.18.1)
    tilt (2.0.1)
    yajl-ruby (1.2.1)

PLATFORMS
  ruby

DEPENDENCIES
  softcover
